PATH
  remote: .
  specs:
    one_sky (0.0.3)
      json (>= 1.4.6)
      rest-client (~> 1.6.1)

GEM
  remote: http://rubygems.org/
  specs:
    diff-lcs (1.1.2)
    json (1.6.1)
    mime-types (1.17.2)
    rest-client (1.6.7)
      mime-types (>= 1.16)
    rspec (2.2.0)
      rspec-core (~> 2.2)
      rspec-expectations (~> 2.2)
      rspec-mocks (~> 2.2)
    rspec-core (2.2.1)
    rspec-expectations (2.2.0)
      diff-lcs (~> 1.1.2)
    rspec-mocks (2.2.0)
    time_freeze (0.1.1)

PLATFORMS
  ruby

DEPENDENCIES
  bundler (>= 1.0.0)
  one_sky!
  rspec (~> 2.2.0)
  time_freeze
